PATH
  remote: .
  specs:
    mdpdf (0.1.0)

GEM
  remote: https://rubygems.org/
  specs:
    diff-lcs (1.3)
    pdfkit (0.8.2)
    rake (10.5.0)
    redcarpet (3.4.0)
    rspec (3.7.0)
      rspec-core (~> 3.7.0)
      rspec-expectations (~> 3.7.0)
      rspec-mocks (~> 3.7.0)
    rspec-core (3.7.1)
      rspec-support (~> 3.7.0)
    rspec-expectations (3.7.0)
      diff-lcs (>= 1.2.0, < 2.0)
      rspec-support (~> 3.7.0)
    rspec-mocks (3.7.0)
      diff-lcs (>= 1.2.0, < 2.0)
      rspec-support (~> 3.7.0)
    rspec-support (3.7.0)
    wkhtmltopdf (0.1.2)
    wkhtmltopdf-binary (0.12.3.1)

PLATFORMS
  ruby

DEPENDENCIES
  bundler (~> 1.16)
  mdpdf!
  pdfkit
  rake (~> 10.0)
  redcarpet
  rspec (~> 3.0)
  wkhtmltopdf
  wkhtmltopdf-binary

BUNDLED WITH
   1.16.1
